GIT
  remote: https://github.com/padwasabimasala/simple-secrets.rb.git
  revision: 8236903ae85368acfed7733f59446dac010dfe18
  specs:
    simple-secrets (1.0.0)
      msgpack-jruby (~> 1.4.0)

PATH
  remote: .
  specs:
    rack-auth-oc_tanner (1.0.1)
      rack

GEM
  remote: https://rubygems.org/
  specs:
    diff-lcs (1.2.5)
    docile (1.1.3)
    msgpack-jruby (1.4.0-java)
    multi_json (1.9.2)
    rack (1.5.2)
    rack-test (0.6.2)
      rack (>= 1.0)
    rspec (2.14.1)
      rspec-core (~> 2.14.0)
      rspec-expectations (~> 2.14.0)
      rspec-mocks (~> 2.14.0)
    rspec-core (2.14.8)
    rspec-expectations (2.14.5)
      diff-lcs (>= 1.1.3, < 2.0)
    rspec-mocks (2.14.6)
    simplecov (0.8.2)
      docile (~> 1.1.0)
      multi_json
      simplecov-html (~> 0.8.0)
    simplecov-html (0.8.0)

PLATFORMS
  java

DEPENDENCIES
  rack-auth-oc_tanner!
  rack-test
  rspec
  simple-secrets!
  simplecov
